PATH
  remote: .
  specs:
    reddit_wallpaper (0.0.3)
      open_uri_redirections (~> 0.1)
      ruby_reddit_api (~> 0.2)

GEM
  remote: https://rubygems.org/
  specs:
    httparty (0.13.1)
      json (~> 1.8)
      multi_xml (>= 0.5.2)
    json (1.8.1)
    minitest (5.3.3)
    multi_xml (0.5.5)
    open_uri_redirections (0.1.4)
    ruby_reddit_api (0.2.6)
      httparty

PLATFORMS
  ruby

DEPENDENCIES
  minitest (~> 5.3)
  reddit_wallpaper!
